PATH
  remote: .
  specs:
    prismic.io (1.8.0)
      hashery (~> 2.1.1)

GEM
  remote: https://rubygems.org/
  specs:
    codeclimate-test-reporter (1.0.7)
      simplecov
    diff-lcs (1.4.4)
    docile (1.3.2)
    hashery (2.1.2)
    mini_portile2 (2.4.0)
    nokogiri (1.10.9)
      mini_portile2 (~> 2.4.0)
    rspec (2.99.0)
      rspec-core (~> 2.99.0)
      rspec-expectations (~> 2.99.0)
      rspec-mocks (~> 2.99.0)
    rspec-core (2.99.2)
    rspec-expectations (2.99.2)
      diff-lcs (>= 1.1.3, < 2.0)
    rspec-mocks (2.99.4)
    simplecov (0.18.5)
      docile (~> 1.1)
      simplecov-html (~> 0.11)
    simplecov-html (0.12.2)
    yajl-ruby (1.4.1)

PLATFORMS
  ruby

DEPENDENCIES
  codeclimate-test-reporter
  hashery (~> 2.1.1)
  nokogiri (~> 1.6)
  prismic.io!
  rspec (~> 2.14)
  simplecov (~> 0.7)
  yajl-ruby

BUNDLED WITH
   2.1.4
