PATH
  remote: .
  specs:
    prismic.io (1.8.2)
      hashery (~> 2.1.1)

GEM
  remote: https://rubygems.org/
  specs:
    diff-lcs (1.5.0)
    hashery (2.1.2)
    mini_portile2 (2.8.2)
    nokogiri (1.15.2)
      mini_portile2 (~> 2.8.2)
      racc (~> 1.4)
    nokogiri (1.15.2-java)
      racc (~> 1.4)
    nokogiri (1.15.2-x86_64-darwin)
      racc (~> 1.4)
    nokogiri (1.15.2-x86_64-linux)
      racc (~> 1.4)
    racc (1.7.0)
    racc (1.7.0-java)
    rspec (3.12.0)
      rspec-core (~> 3.12.0)
      rspec-expectations (~> 3.12.0)
      rspec-mocks (~> 3.12.0)
    rspec-core (3.12.2)
      rspec-support (~> 3.12.0)
    rspec-expectations (3.12.3)
      diff-lcs (>= 1.2.0, < 2.0)
      rspec-support (~> 3.12.0)
    rspec-mocks (3.12.5)
      diff-lcs (>= 1.2.0, < 2.0)
      rspec-support (~> 3.12.0)
    rspec-support (3.12.0)
    yajl-ruby (1.4.1)

PLATFORMS
  java
  ruby
  x86_64-darwin-19
  x86_64-linux

DEPENDENCIES
  hashery (~> 2.1.1)
  nokogiri (~> 1.6)
  prismic.io!
  rspec (~> 3.12)
  rspec-core (~> 3.12)
  yajl-ruby

BUNDLED WITH
   2.2.20
